PATH
  remote: .
  specs:
    fjord (0.0.0)

GEM
  remote: https://rubygems.org/
  specs:
    byebug (10.0.2)
    coderay (1.1.2)
    method_source (0.9.0)
    minitest (5.11.3)
    pry (0.11.3)
      coderay (~> 1.1.0)
      method_source (~> 0.9.0)
    pry-byebug (3.6.0)
      byebug (~> 10.0)
      pry (~> 0.10)
    rake (12.3.1)

PLATFORMS
  ruby

DEPENDENCIES
  fjord!
  minitest (~> 5.11)
  pry-byebug
  rake

BUNDLED WITH
   1.16.1
